GIT
  remote: git://github.com/pakyow/pakyow.git
  revision: 182bdc83782af5a1922f092728f813fcde660ac7
  specs:
    pakyow (0.10.2)
      bundler (~> 1.10)
      pakyow-core (= 0.10.2)
      pakyow-mailer (= 0.10.2)
      pakyow-presenter (= 0.10.2)
      pakyow-rake (= 0.10.2)
      pakyow-realtime (= 0.10.2)
      pakyow-support (= 0.10.2)
      pakyow-test (= 0.10.2)
      pakyow-ui (= 0.10.2)
    pakyow-core (0.10.2)
      pakyow-support (= 0.10.2)
      rack (~> 1.6)
    pakyow-mailer (0.10.2)
      mail (~> 2.6)
      pakyow-core (= 0.10.2)
      pakyow-presenter (= 0.10.2)
      pakyow-support (= 0.10.2)
      premailer (~> 1.8)
    pakyow-presenter (0.10.2)
      nokogiri (~> 1.6)
      pakyow-core (= 0.10.2)
      pakyow-support (= 0.10.2)
    pakyow-rake (0.10.2)
      pakyow-core (= 0.10.2)
      pakyow-presenter (= 0.10.2)
      pakyow-support (= 0.10.2)
      rake (~> 10.4)
    pakyow-realtime (0.10.2)
      concurrent-ruby (~> 0)
      pakyow-core (= 0.10.2)
      pakyow-support (= 0.10.2)
      redis (~> 3.2)
      websocket_parser (~> 1.0)
    pakyow-support (0.10.2)
    pakyow-test (0.10.2)
      pakyow-core (= 0.10.2)
      pakyow-mailer (= 0.10.2)
      pakyow-presenter (= 0.10.2)
      pakyow-support (= 0.10.2)
    pakyow-ui (0.10.2)
      pakyow-core (= 0.10.2)
      pakyow-presenter (= 0.10.2)
      pakyow-realtime (= 0.10.2)
      pakyow-support (= 0.10.2)

GEM
  remote: https://rubygems.org/
  specs:
    addressable (2.3.8)
    concurrent-ruby (0.9.2)
    css_parser (1.3.7)
      addressable
    htmlentities (4.3.4)
    mail (2.6.3)
      mime-types (>= 1.16, < 3)
    mime-types (2.6.2)
    mini_portile (0.6.2)
    nokogiri (1.6.6.2)
      mini_portile (~> 0.6.0)
    premailer (1.8.6)
      css_parser (>= 1.3.6)
      htmlentities (>= 4.0.0)
    puma (2.13.4)
    rack (1.6.4)
    rake (10.4.2)
    redis (3.2.1)
    sequel (4.25.0)
    shotgun (0.9.1)
      rack (>= 1.0)
    sqlite3 (1.3.10)
    websocket_parser (1.0.0)

PLATFORMS
  ruby

DEPENDENCIES
  pakyow!
  puma
  sequel
  shotgun
  sqlite3

BUNDLED WITH
   1.10.6
